GEM
  remote: http://rubygems.org/
  specs:
    RubyInline (3.12.0)
      ZenTest (~> 4.3)
    ZenTest (4.6.0)
    couchrest (1.1.3)
      mime-types (~> 1.15)
      multi_json (~> 1.0)
      rest-client (~> 1.6.1)
    daemons (1.1.9)
    eventmachine (1.0.0)
    haml (3.1.7)
    hoe (3.4.0)
      rake (>= 0.8, < 11.0)
    json (1.7.5)
    mime-types (1.19)
    multi_json (1.5.0)
    png (1.2.0)
      hoe (>= 2.3.0)
    rack (1.4.1)
    rake (10.0.3)
    rest-client (1.6.7)
      mime-types (>= 1.16)
    ruby-openid (2.2.2)
    sass (3.2.3)
    sinatra (1.2.6)
      rack (~> 1.1)
      tilt (>= 1.2.2, < 2.0)
      tilt (>= 1.2.2, < 2.0)
    thin (1.5.0)
      daemons (>= 1.0.9)
      eventmachine (>= 0.12.6)
      rack (>= 1.0.0)
    tilt (1.3.3)

PLATFORMS
  ruby

DEPENDENCIES
  RubyInline
  ZenTest (<= 4.6.0)
  couchrest
  haml
  json
  png
  rake
  rest-client
  ruby-openid
  sass
  sinatra (= 1.2.6)
  thin
